PATH
  remote: .
  specs:
    tracker-git (0.0.3)
      pivotal-tracker (>= 0.5.10)

GEM
  remote: https://rubygems.org/
  specs:
    builder (3.1.4)
    coderay (1.0.8)
    crack (0.3.1)
    diff-lcs (1.1.3)
    guard (1.5.4)
      listen (>= 0.4.2)
      lumberjack (>= 1.0.2)
      pry (>= 0.9.10)
      thor (>= 0.14.6)
    guard-rspec (2.3.1)
      guard (>= 1.1)
      rspec (~> 2.11)
    happymapper (0.4.0)
      libxml-ruby (~> 2.0)
    libxml-ruby (2.4.0)
    listen (0.6.0)
    lumberjack (1.0.2)
    method_source (0.8.1)
    mime-types (1.19)
    nokogiri (1.5.5)
    nokogiri-happymapper (0.5.6)
      nokogiri (~> 1.5)
    pivotal-tracker (0.5.10)
      builder
      crack
      happymapper (>= 0.3.2)
      nokogiri (>= 1.4.3)
      nokogiri (>= 1.5.5)
      nokogiri-happymapper (>= 0.5.4)
      rest-client (~> 1.6.0)
    pry (0.9.10)
      coderay (~> 1.0.5)
      method_source (~> 0.8)
      slop (~> 3.3.1)
    rake (10.0.3)
    rest-client (1.6.7)
      mime-types (>= 1.16)
    rspec (2.12.0)
      rspec-core (~> 2.12.0)
      rspec-expectations (~> 2.12.0)
      rspec-mocks (~> 2.12.0)
    rspec-core (2.12.2)
    rspec-expectations (2.12.0)
      diff-lcs (~> 1.1.3)
    rspec-mocks (2.12.0)
    slop (3.3.3)
    thor (0.16.0)

PLATFORMS
  ruby

DEPENDENCIES
  guard-rspec
  happymapper
  nokogiri
  pivotal-tracker (>= 0.5.10)
  rake
  rest-client
  rspec
  tracker-git!
